GEM
  remote: http://rubygems.org/
  remote: http://gems.github.com/
  specs:
    crack (0.4.3)
      safe_yaml (~> 1.0.0)
    daemons (1.2.4)
    eventmachine (1.2.5)
    foreman (0.84.0)
      thor (~> 0.19.1)
    httpclient (2.8.3)
    json (2.1.0)
    kgio (2.11.0)
    libxml-ruby (2.9.0)
    mustermann (1.0.0)
    pg (0.21.0)
    rack (2.0.3)
    rack-protection (2.0.0)
      rack
    raindrops (0.18.0)
    rake (0.8.7)
    ratom (0.9.0)
      libxml-ruby (~> 2.6)
    ruby-hmac (0.4.0)
    safe_yaml (1.0.4)
    sequel (4.48.0)
    sinatra (2.0.0)
      mustermann (~> 1.0)
      rack (~> 2.0)
      rack-protection (= 2.0.0)
      tilt (~> 2.0)
    sqlite3 (1.3.13)
    thin (1.7.2)
      daemons (~> 1.0, >= 1.0.9)
      eventmachine (~> 1.0, >= 1.0.4)
      rack (>= 1, < 3)
    thor (0.19.4)
    tilt (2.0.8)
    unicorn (5.3.0)
      kgio (~> 2.6)
      raindrops (~> 0.7)

PLATFORMS
  ruby

DEPENDENCIES
  crack
  eventmachine
  foreman
  httpclient
  json
  libxml-ruby
  pg
  rake (= 0.8.7)
  ratom
  ruby-hmac
  sequel
  sinatra
  sqlite3
  thin
  unicorn

RUBY VERSION
   ruby 2.2.2p95

BUNDLED WITH
   1.15.3
